{
	"TaskName": "cvep",
	"Manufacturer": "Brain Products",
	"PowerLineFrequency": 50.0,
	"SamplingFrequency": 500.0,
	"SoftwareFilters": "n/a",
	"RecordingDuration": 256.998,
	"RecordingType": "continuous",
	"EEGReference": "FCz",
	"EEGGround": "FPz",
	"EEGPlacementScheme": "10-20 system",
	"EEGChannelCount": 32,
	"EOGChannelCount": 0,
	"ECGChannelCount": 0,
	"EMGChannelCount": 0,
	"TriggerChannelCount": 0,
	"ManufacturersModelName": "BrainProducts LiveAmp 32",
	"CapManufacturer": "BrainProducts",
	"CapManufacturersModelName": "Acticap",
	"SoftwareVersions": "n/a",
	"HardwareFilters": {
		"HardwareFilter": {
			"line_noise_filter": "IIR cut-band filter 49.9-50.1 Hz, order 16"
		}
	},
	"TaskDescription": "[reactive BCI] factorial design Trial duration: 2.2s, cue: 0.5s.",
	"Instructions": "focus on targets that were cued sequentially in a random order for 0.5 s, followed by a 2.2 s stimulation phase",
	"InstitutionName": "Institut Sup\u00e9rieur de l'A\u00e9ronautique et de l'Espace (ISAE-SUPAERO)",
	"InstitutionAddress": "10 Av. Edouard Belin, Toulouse, 31400, France",
	"InstitutionalDepartmentName": "Human Factors and Neuroergonomics",
	"SubjectArtefactDescription": "Impedance kept below 25.0 kOhm",
	"DeviceSerialNumber": "n/a",
	"Description": "Burst c-VEP Based BCI: Optimizing stimulus design for enhanced classification with minimal calibration data and improved user experience",
	"MISCChannelCount": 0
}